PATH
  remote: .
  specs:
    yeelight-lamp-client (0.1.0)

GEM
  remote: https://rubygems.org/
  specs:
    minitest (5.11.0)
    rake (10.5.0)

PLATFORMS
  ruby

DEPENDENCIES
  bundler (~> 1.16)
  minitest (~> 5.0)
  rake (~> 10.0)
  yeelight-lamp-client!

BUNDLED WITH
   1.16.0
